GEM
  remote: https://rubygems.org/
  specs:
    ast (2.4.0)
    hiera-eyaml (2.1.0)
      highline (~> 1.6.19)
      trollop (~> 2.0)
    highline (1.6.21)
    jaro_winkler (1.5.1)
    parallel (1.12.1)
    parser (2.5.1.0)
      ast (~> 2.4.0)
    powerpack (0.1.2)
    rainbow (3.0.0)
    rubocop (0.57.2)
      jaro_winkler (~> 1.5.1)
      parallel (~> 1.10)
      parser (>= 2.5)
      powerpack (~> 0.1)
      rainbow (>= 2.2.2, < 4.0)
      ruby-progressbar (~> 1.7)
      unicode-display_width (~> 1.0, >= 1.0.1)
    ruby-progressbar (1.9.0)
    trollop (2.9.9)
    unicode-display_width (1.4.0)

PLATFORMS
  ruby

DEPENDENCIES
  hiera-eyaml (>= 2.1)
  rubocop

BUNDLED WITH
   1.16.1
